GEM
  remote: http://rubygems.org/
  specs:
    activesupport (3.1.0.rc8)
      multi_json (~> 1.0)
    columnize (0.3.4)
    daemons (1.1.4)
    eventmachine (0.12.10)
    i18n (0.6.0)
    json (1.5.3)
    linecache (0.46)
      rbx-require-relative (> 0.0.4)
    multi_json (1.0.3)
    nestful (0.0.7)
      activesupport (>= 3.0.0.beta)
    oauth (0.4.5)
    rack (1.3.2)
    rbx-require-relative (0.0.5)
    ruby-debug (0.10.4)
      columnize (>= 0.1)
      ruby-debug-base (~> 0.10.4.0)
    ruby-debug-base (0.10.4)
      linecache (>= 0.3)
    sinatra (1.2.6)
      rack (~> 1.1)
      tilt (>= 1.2.2, < 2.0)
    thin (1.2.11)
      daemons (>= 1.0.9)
      eventmachine (>= 0.12.6)
      rack (>= 1.0.0)
    tilt (1.3.3)

PLATFORMS
  ruby

DEPENDENCIES
  i18n
  json
  nestful
  oauth
  ruby-debug
  sinatra
  thin
